PATH
  remote: .
  specs:
    rack_replace (0.0.1)
      rack

GEM
  remote: http://rubygems.org/
  specs:
    rack (1.2.2)
    rake (0.8.7)

PLATFORMS
  ruby

DEPENDENCIES
  rack_replace!
  rake
