PATH
  remote: .
  specs:
    rack_replace (0.0.3)
      rack

GEM
  remote: http://rubygems.org/
  specs:
    rack (1.4.1)
    rake (10.0.2)

PLATFORMS
  ruby

DEPENDENCIES
  rack_replace!
  rake
